PATH
  remote: .
  specs:
    teamworkpm (2.0.0)
      faraday (~> 0.8)
      faraday_middleware
      htmlentities (~> 4.3)
      multi_json (~> 1.8)
      multipart-post

GEM
  remote: https://rubygems.org/
  specs:
    dotenv (0.11.1)
      dotenv-deployment (~> 0.0.2)
    dotenv-deployment (0.0.2)
    faraday (0.9.0)
      multipart-post (>= 1.2, < 3)
    faraday_middleware (0.9.1)
      faraday (>= 0.7.4, < 0.10)
    htmlentities (4.3.2)
    multi_json (1.10.1)
    multipart-post (2.0.0)
    rake (10.1.0)

PLATFORMS
  ruby

DEPENDENCIES
  dotenv (~> 0.9, >= 0.9.0)
  rake
  teamworkpm!
